PATH
  remote: .
  specs:
    adsync (1.0.0)
      progress_bar (~> 1)
      rainbow (~> 3)
      thor (~> 1)

GEM
  remote: https://rubygems.org/
  specs:
    ast (2.4.2)
    coderay (1.1.2)
    highline (2.0.3)
    json (2.6.2)
    method_source (1.0.0)
    options (2.3.2)
    parallel (1.22.1)
    parser (3.1.2.1)
      ast (~> 2.4.1)
    progress_bar (1.3.3)
      highline (>= 1.6, < 3)
      options (~> 2.3.0)
    pry (0.13.0)
      coderay (~> 1.1)
      method_source (~> 1.0)
    rainbow (3.1.1)
    rake (12.3.3)
    regexp_parser (2.6.0)
    rexml (3.2.5)
    rubocop (1.38.0)
      json (~> 2.3)
      parallel (~> 1.10)
      parser (>= 3.1.2.1)
      rainbow (>= 2.2.2, < 4.0)
      regexp_parser (>= 1.8, < 3.0)
      rexml (>= 3.2.5, < 4.0)
      rubocop-ast (>= 1.23.0, < 2.0)
      ruby-progressbar (~> 1.7)
      unicode-display_width (>= 1.4.0, < 3.0)
    rubocop-ast (1.23.0)
      parser (>= 3.1.1.0)
    rubocop-rake (0.6.0)
      rubocop (~> 1.0)
    ruby-progressbar (1.11.0)
    thor (1.2.1)
    unicode-display_width (2.3.0)

PLATFORMS
  ruby

DEPENDENCIES
  adsync!
  pry (~> 0)
  rake (~> 12)
  rubocop (~> 1, >= 0.49.0)
  rubocop-rake (~> 0)

BUNDLED WITH
   2.1.4
