PATH
  remote: .
  specs:
    adsync (0.0.2)
      progress_bar (~> 1)
      thor (~> 1)

GEM
  remote: https://rubygems.org/
  specs:
    ast (2.4.0)
    coderay (1.1.2)
    highline (2.0.3)
    jaro_winkler (1.5.4)
    method_source (1.0.0)
    options (2.3.2)
    parallel (1.19.1)
    parser (2.7.0.5)
      ast (~> 2.4.0)
    progress_bar (1.3.1)
      highline (>= 1.6, < 3)
      options (~> 2.3.0)
    pry (0.13.0)
      coderay (~> 1.1)
      method_source (~> 1.0)
    rainbow (3.0.0)
    rake (12.3.3)
    rexml (3.2.5)
    rubocop (0.81.0)
      jaro_winkler (~> 1.5.1)
      parallel (~> 1.10)
      parser (>= 2.7.0.1)
      rainbow (>= 2.2.2, < 4.0)
      rexml
      ruby-progressbar (~> 1.7)
      unicode-display_width (>= 1.4.0, < 2.0)
    ruby-progressbar (1.10.1)
    thor (1.2.1)
    unicode-display_width (1.7.0)

PLATFORMS
  ruby

DEPENDENCIES
  adsync!
  pry (~> 0)
  rake (~> 12)
  rubocop (~> 0, >= 0.49.0)

BUNDLED WITH
   2.1.4
